GEM
  remote: https://rubygems.org/
  specs:
    daemons (1.2.6)
    eventmachine (1.2.7)
    foreman (0.85.0)
      thor (~> 0.19.1)
    gabba (1.0.1)
    mustermann (1.0.2)
    newrelic_rpm (5.3.0.346)
    rack (2.0.5)
    rack-protection (2.0.3)
      rack
    rmagick (2.16.0)
    sinatra (2.0.3)
      mustermann (~> 1.0)
      rack (~> 2.0)
      rack-protection (= 2.0.3)
      tilt (~> 2.0)
    thin (1.7.2)
      daemons (~> 1.0, >= 1.0.9)
      eventmachine (~> 1.0, >= 1.0.4)
      rack (>= 1, < 3)
    thor (0.19.4)
    tilt (2.0.8)

PLATFORMS
  ruby

DEPENDENCIES
  foreman
  gabba
  newrelic_rpm
  rmagick
  sinatra
  thin

RUBY VERSION
   ruby 2.5.1p57

BUNDLED WITH
   1.16.3
